GIT
  remote: https://github.com/ruby-passkeys/warden-webauthn
  revision: 2b087a6bccad2edb62d6b3afc1e61d29e2ef6ada
  specs:
    warden-webauthn (0.1.0)
      warden
      webauthn (= 3.0.0.alpha2)

PATH
  remote: .
  specs:
    devise-passkeys (0.1.0)
      webauthn

GEM
  remote: https://rubygems.org/
  specs:
    android_key_attestation (0.3.0)
    ast (2.4.2)
    awrence (1.2.1)
    bindata (2.4.15)
    cbor (0.5.9.6)
    cose (1.3.0)
      cbor (~> 0.5.9)
      openssl-signature_algorithm (~> 1.0)
    json (2.6.3)
    jwt (2.7.0)
    minitest (5.17.0)
    openssl (3.0.2)
    openssl-signature_algorithm (1.2.1)
      openssl (> 2.0, < 3.1)
    parallel (1.22.1)
    parser (3.2.1.0)
      ast (~> 2.4.1)
    rack (3.0.4.1)
    rainbow (3.1.1)
    rake (13.0.6)
    regexp_parser (2.7.0)
    rexml (3.2.5)
    rubocop (1.45.1)
      json (~> 2.3)
      parallel (~> 1.10)
      parser (>= 3.2.0.0)
      rainbow (>= 2.2.2, < 4.0)
      regexp_parser (>= 1.8, < 3.0)
      rexml (>= 3.2.5, < 4.0)
      rubocop-ast (>= 1.24.1, < 2.0)
      ruby-progressbar (~> 1.7)
      unicode-display_width (>= 2.4.0, < 3.0)
    rubocop-ast (1.26.0)
      parser (>= 3.2.1.0)
    ruby-progressbar (1.11.0)
    safety_net_attestation (0.4.0)
      jwt (~> 2.0)
    tpm-key_attestation (0.11.0)
      bindata (~> 2.4)
      openssl (> 2.0, < 3.1)
      openssl-signature_algorithm (~> 1.0)
    unicode-display_width (2.4.2)
    warden (1.2.9)
      rack (>= 2.0.9)
    webauthn (3.0.0.alpha2)
      android_key_attestation (~> 0.3.0)
      awrence (~> 1.1)
      bindata (~> 2.4)
      cbor (~> 0.5.9)
      cose (~> 1.1)
      openssl (>= 2.2, < 3.1)
      safety_net_attestation (~> 0.4.0)
      tpm-key_attestation (~> 0.11.0)

PLATFORMS
  arm64-darwin-21

DEPENDENCIES
  devise-passkeys!
  minitest (~> 5.0)
  rake (~> 13.0)
  rubocop (~> 1.21)
  warden-webauthn!

BUNDLED WITH
   2.3.7
